GEM
  remote: https://rubygems.org/
  specs:
    minitest (5.9.1)
    netrc (0.7.9)
    rest_client (1.8.3)
      netrc (~> 0.7.7)

PLATFORMS
  ruby

DEPENDENCIES
  minitest
  rest_client

BUNDLED WITH
   1.13.7
